GIT
  remote: git://github.com/opscode/omnibus-ruby.git
  revision: e8da8b7c928a975f96a00e66659fc465522847e2
  branch: 3.0-stable
  specs:
    omnibus (3.2.1)
      chef-sugar (~> 1.2)
      fpm (~> 0.4)
      mixlib-shellout (~> 1.4)
      ohai (~> 7.2)
      thor (~> 0.18)
      uber-s3

GIT
  remote: git://github.com/opscode/omnibus-software.git
  revision: 376a3c994d8a019a1d21ce2bff7f7885c4f7cdd0
  branch: omnibus/3.2-stable
  specs:
    omnibus-software (3.0.0)

GEM
  remote: https://rubygems.org/
  specs:
    addressable (2.3.6)
    arr-pm (0.0.9)
      cabin (> 0)
    backports (3.6.0)
    cabin (0.6.1)
    chef-sugar (1.3.0)
    childprocess (0.5.3)
      ffi (~> 1.0, >= 1.0.11)
    clamp (0.6.3)
    ffi (1.9.3)
    ffi-yajl (1.0.2)
      ffi (~> 1.5)
      libyajl2
    fpm (0.4.42)
      arr-pm (~> 0.0.8)
      backports (>= 2.6.2)
      cabin (>= 0.6.0)
      childprocess
      clamp (~> 0.6)
      ftw (~> 0.0.30)
      json (>= 1.7.7)
    ftw (0.0.39)
      addressable
      backports (>= 2.6.2)
      cabin (> 0)
      http_parser.rb (= 0.5.3)
    http_parser.rb (0.5.3)
    ipaddress (0.8.0)
    json (1.8.1)
    libyajl2 (0.1.17)
    mime-types (1.25.1)
    mixlib-cli (1.5.0)
    mixlib-config (2.1.0)
    mixlib-log (1.6.0)
    mixlib-shellout (1.4.0)
    ohai (7.2.4)
      ffi (~> 1.9)
      ffi-yajl
      ipaddress
      mime-types (~> 1.16)
      mixlib-cli
      mixlib-config (~> 2.0)
      mixlib-log
      mixlib-shellout (~> 1.2)
      systemu (~> 2.6.4)
      wmi-lite (~> 1.0)
    systemu (2.6.4)
    thor (0.19.1)
    uber-s3 (0.2.4)
      mime-types (~> 1.17)
    wmi-lite (1.0.0)

PLATFORMS
  ruby

DEPENDENCIES
  omnibus!
  omnibus-software!
